PATH
  remote: .
  specs:
    petit (0.3.0)
      activesupport (~> 4.2.3)
      aws-sdk (~> 2)
      json (~> 2)
      jsonapi-serializers
      rack (>= 1.6.11)
      rack-parser
      rake
      sinatra
      unicorn

GEM
  remote: https://rubygems.org/
  specs:
    activesupport (4.2.11.1)
      i18n (~> 0.7)
      minitest (~> 5.1)
      thread_safe (~> 0.3, >= 0.3.4)
      tzinfo (~> 1.1)
    aws-eventstream (1.0.2)
    aws-sdk (2.11.259)
      aws-sdk-resources (= 2.11.259)
    aws-sdk-core (2.11.259)
      aws-sigv4 (~> 1.0)
      jmespath (~> 1.0)
    aws-sdk-resources (2.11.259)
      aws-sdk-core (= 2.11.259)
    aws-sigv4 (1.1.0)
      aws-eventstream (~> 1.0, >= 1.0.2)
    coderay (1.1.1)
    concurrent-ruby (1.1.5)
    diff-lcs (1.2.5)
    i18n (0.9.5)
      concurrent-ruby (~> 1.0)
    jmespath (1.4.0)
    json (2.2.0)
    jsonapi-serializers (1.0.1)
      activesupport
    kgio (2.11.2)
    method_source (0.8.2)
    minitest (5.11.3)
    mustermann (1.0.3)
    pry (0.10.3)
      coderay (~> 1.1.0)
      method_source (~> 0.8.1)
      slop (~> 3.4)
    rack (2.0.7)
    rack-parser (0.7.0)
      rack
    rack-protection (2.0.5)
      rack
    rack-test (0.6.3)
      rack (>= 1.0)
    raindrops (0.19.0)
    rake (12.3.2)
    rspec (3.4.0)
      rspec-core (~> 3.4.0)
      rspec-expectations (~> 3.4.0)
      rspec-mocks (~> 3.4.0)
    rspec-core (3.4.3)
      rspec-support (~> 3.4.0)
    rspec-expectations (3.4.0)
      diff-lcs (>= 1.2.0, < 2.0)
      rspec-support (~> 3.4.0)
    rspec-mocks (3.4.1)
      diff-lcs (>= 1.2.0, < 2.0)
      rspec-support (~> 3.4.0)
    rspec-support (3.4.1)
    sinatra (2.0.5)
      mustermann (~> 1.0)
      rack (~> 2.0)
      rack-protection (= 2.0.5)
      tilt (~> 2.0)
    slop (3.6.0)
    thread_safe (0.3.6)
    tilt (2.0.9)
    tzinfo (1.2.5)
      thread_safe (~> 0.1)
    unicorn (5.5.0)
      kgio (~> 2.6)
      raindrops (~> 0.7)

PLATFORMS
  ruby

DEPENDENCIES
  bundler (~> 1.6)
  petit!
  pry
  rack-test
  rspec

BUNDLED WITH
   1.17.3
